{
  "InstitutionAddress": "16 Lincui Road, Chaoyang District, Beijing, China",
  "InstitutionName": "Institute of Psychology",
  "InstitutionalDepartmentName": "CAS Key Laboratory of Mental Health",
  "PowerLineFrequency": 50,
  "ManufacturersModelName": "Brain Products",
  "EEGReference": "Nose",
  "TaskName": "223ByBP",
  "EEGChannelCount": 63,
  "RecordingType": "continuous",
  "RecordingDuration": 531.58,
  "SamplingFrequency": 1000,
  "EOGChannelCount": 0,
  "ECGChannelCount": 0,
  "EMGChannelCount": 0,
  "SoftwareFilters": "n/a"
}